PATH
  remote: .
  specs:
    rsolr-ext (1.0.3)
      rsolr (>= 1.0.1)

GEM
  remote: http://rubygems.org/
  specs:
    builder (3.2.0)
    diff-lcs (1.1.3)
    rake (0.9.6)
    rdoc (3.9.5)
    rsolr (1.0.9)
      builder (>= 2.1.2)
    rspec (2.6.0)
      rspec-core (~> 2.6.0)
      rspec-expectations (~> 2.6.0)
      rspec-mocks (~> 2.6.0)
    rspec-core (2.6.4)
    rspec-expectations (2.6.0)
      diff-lcs (~> 1.1.2)
    rspec-mocks (2.6.0)

PLATFORMS
  ruby

DEPENDENCIES
  rake (~> 0.9.2)
  rdoc (~> 3.9.4)
  rsolr-ext!
  rspec (~> 2.6.0)
